GEM
  remote: https://rubygems.org/
  specs:
    ruby-prof (0.15.9)

PLATFORMS
  ruby

DEPENDENCIES
  ruby-prof

BUNDLED WITH
   1.10.2
